GEM
  remote: https://rubygems.org/
  specs:
    builder (3.1.4)
    diff-lcs (1.2.1)
    rack (1.5.2)
    rack-protection (1.3.2)
      rack
    rake (10.0.3)
    rspec (2.13.0)
      rspec-core (~> 2.13.0)
      rspec-expectations (~> 2.13.0)
      rspec-mocks (~> 2.13.0)
    rspec-core (2.13.0)
    rspec-expectations (2.13.0)
      diff-lcs (>= 1.1.3, < 2.0)
    rspec-mocks (2.13.0)
    sinatra (1.3.5)
      rack (~> 1.4)
      rack-protection (~> 1.3)
      tilt (~> 1.3, >= 1.3.3)
    tilt (1.3.3)
    values (1.5.0)

PLATFORMS
  ruby

DEPENDENCIES
  builder
  rack
  rake
  rspec
  sinatra
  values (~> 1.5.0)
