GEM
  remote: https://rubygems.org/
  specs:
    builder (3.1.4)
    diff-lcs (1.2.1)
    haml (4.0.3)
      tilt
    mime-types (1.25)
    multi_json (1.8.2)
    nokogiri (1.5.6)
    rack (1.5.2)
    rack-protection (1.3.2)
      rack
    rake (10.0.3)
    rest-client (1.6.7)
      mime-types (>= 1.16)
    rspec (2.13.0)
      rspec-core (~> 2.13.0)
      rspec-expectations (~> 2.13.0)
      rspec-mocks (~> 2.13.0)
    rspec-core (2.13.0)
    rspec-expectations (2.13.0)
      diff-lcs (>= 1.1.3, < 2.0)
    rspec-mocks (2.13.0)
    sass (3.2.10)
    sham_rack (1.3.4)
      rack
    sinatra (1.3.5)
      rack (~> 1.4)
      rack-protection (~> 1.3)
      tilt (~> 1.3, >= 1.3.3)
    tilt (1.3.3)
    values (1.5.0)

PLATFORMS
  ruby

DEPENDENCIES
  builder
  haml
  multi_json
  nokogiri
  rack
  rake
  rest-client
  rspec
  sass
  sham_rack
  sinatra
  values (~> 1.5.0)
